GEM
  remote: https://rubygems.org/
  specs:
    haml (5.0.4)
      temple (>= 0.8.0)
      tilt
    json (2.1.0)
    mustermann (1.0.1)
    pg (1.0.0)
    puma (3.11.2)
    rack (2.0.4)
    rack-protection (2.0.0)
      rack
    sequel (5.5.0)
    sinatra (2.0.0)
      mustermann (~> 1.0)
      rack (~> 2.0)
      rack-protection (= 2.0.0)
      tilt (~> 2.0)
    sinatra-flash (0.3.0)
      sinatra (>= 1.0.0)
    temple (0.8.0)
    tilt (2.0.8)

PLATFORMS
  ruby

DEPENDENCIES
  haml (~> 5.0, >= 5.0.4)
  json (~> 2.1)
  pg (~> 1.0)
  puma (~> 3.11, >= 3.11.2)
  sequel (~> 5.5)
  sinatra (~> 2.0)
  sinatra-flash (~> 0.3.0)

RUBY VERSION
   ruby 2.5.0p0

BUNDLED WITH
   1.16.1
